GEM
  remote: https://rubygems.org/
  remote: http://rubygems.org/
  specs:
    rack (1.5.2)
    rack-ssi (0.0.1)

PLATFORMS
  ruby

DEPENDENCIES
  rack
  rack-ssi
